PATH
  remote: ../nanoc
  specs:
    nanoc (3.4.0)
      cri (~> 2.2)

GEM
  remote: http://rubygems.org/
  specs:
    adsf (1.0.1)
      rack (>= 1.0.0)
    builder (3.0.0)
    chunky_png (1.2.5)
    colored (1.2)
    cri (2.3.0)
      colored (>= 1.2)
    fssm (0.2.7)
    hpricot (0.8.5)
    json (1.6.3)
    kramdown (0.13.3)
    nokogiri (1.5.0)
    nokogiri (1.5.0-x86-mingw32)
    oily_png (1.0.2)
      chunky_png (~> 1.2.1)
    rack (1.3.5)
    rake (0.9.2.2)
    sass (3.1.11)
    slim (1.2.2)
      temple (~> 0.4.0)
      tilt (~> 1.3.3)
    temple (0.4.0)
    tilt (1.3.3)
    w3c_validators (1.2)
      json
      nokogiri

PLATFORMS
  ruby
  x86-mingw32

DEPENDENCIES
  adsf (~> 1.0.1)
  builder (~> 3.0.0)
  chunky_png (~> 1.2.5)
  fssm (~> 0.2.7)
  hpricot (~> 0.8.5)
  kramdown (~> 0.13.3)
  nanoc!
  oily_png (~> 1.0.2)
  rake
  sass (~> 3.1.11)
  slim (~> 1.2.2)
  w3c_validators (~> 1.2)
