GEM
  remote: http://gemcutter.org/
  specs:
    ace (0.4.5)
      template-inheritance
    cri (2.0.2)
    haml (3.1.4)
    hpricot (0.8.5)
    json (1.5.4)
    nanoc3 (3.2.3)
      cri (~> 2.0)
    nokogiri (1.5.0-x86-mingw32)
    template-inheritance (0.3)
      haml
      tilt
    tilt (1.3.3)
    w3c_validators (1.2)
      json
      nokogiri

PLATFORMS
  x86-mingw32

DEPENDENCIES
  ace (~> 0.4.5)
  haml (~> 3.1.4)
  hpricot (~> 0.8.5)
  nanoc3 (~> 3.2.3)
  w3c_validators (~> 1.2)
