GEM
  remote: http://gemcutter.org/
  specs:
    builder (3.0.0)
    cri (2.0.2)
    haml (3.1.4)
    hpricot (0.8.5)
    json (1.6.3)
    kramdown (0.13.3)
    nanoc3 (3.2.3)
      cri (~> 2.0)
    nokogiri (1.5.0-x86-mingw32)
    w3c_validators (1.2)
      json
      nokogiri

PLATFORMS
  x86-mingw32

DEPENDENCIES
  builder (~> 3.0.0)
  haml (~> 3.1.4)
  hpricot (~> 0.8.5)
  kramdown (~> 0.13.3)
  nanoc3 (~> 3.2.3)
  w3c_validators (~> 1.2)
